GIT
  remote: git://github.com/adamzaninovich/lita-google-images.git
  revision: 2e600bc29247c492003fd7104bdf0b1ae47021b9
  specs:
    lita-google-images (1.0.5)
      lita (>= 2.0)

GIT
  remote: git://github.com/tielur/lita-ascii-art.git
  revision: f91ad85255cafa10c5fd2c8e0f6c940fa1b50346
  specs:
    lita-ascii-art (0.0.2)
      artii (>= 2.0.4)
      lita (>= 3.0.0)

GIT
  remote: git://github.com/tielur/lita-what-does-the-fox-say.git
  revision: 758fe9d082e554e40af061719a31855f489d8ab7
  specs:
    lita-what-does-the-fox-say (0.0.1)
      lita (>= 3.3)

GEM
  remote: https://rubygems.org/
  specs:
    artii (2.0.4)
    coderay (1.1.0)
    dotenv (0.11.1)
      dotenv-deployment (~> 0.0.2)
    dotenv-deployment (0.0.2)
    dotenv-rails (0.11.1)
      dotenv (= 0.11.1)
    faraday (0.9.0)
      multipart-post (>= 1.2, < 3)
    faraday_middleware (0.9.1)
      faraday (>= 0.7.4, < 0.10)
    http_router (0.11.1)
      rack (>= 1.0.0)
      url_mount (~> 0.2.1)
    i18n (0.6.11)
    ice_nine (0.11.0)
    lita (3.3.1)
      bundler (>= 1.3)
      faraday (>= 0.8.7)
      http_router (>= 0.11.1)
      i18n (>= 0.6.9)
      ice_nine (>= 0.11.0)
      multi_json (>= 1.7.7)
      puma (>= 2.7.1)
      rack (>= 1.5.2)
      rb-readline (>= 0.5.1)
      redis-namespace (>= 1.3.0)
      thor (>= 0.18.1)
    lita-karma (2.1.0)
      lita (>= 2.6)
    lita-slack (0.1.1)
      lita (>= 2.7)
      lita-slack-handler (>= 0.2.1)
    lita-slack-handler (0.2.1)
      lita (~> 3.0)
    lita-wikipedia (0.0.3)
      lita (>= 3.1)
    lita-xkcd (0.0.5)
      lita (>= 2.2)
    lita-yelpme (0.1.2)
      lita (>= 3.2)
      yelp
    method_source (0.8.2)
    multi_json (1.10.1)
    multipart-post (2.0.0)
    pry (0.10.0)
      coderay (~> 1.1.0)
      method_source (~> 0.8.1)
      slop (~> 3.4)
    puma (2.9.0)
      rack (>= 1.1, < 2.0)
    rack (1.5.2)
    rb-readline (0.5.1)
    redis (3.1.0)
    redis-namespace (1.5.1)
      redis (~> 3.0, >= 3.0.4)
    simple_oauth (0.2.0)
    slop (3.6.0)
    thor (0.19.1)
    url_mount (0.2.1)
      rack
    yelp (2.0.2)
      faraday (~> 0.8, >= 0.8.0)
      faraday_middleware (~> 0.8, >= 0.8.0)
      simple_oauth (~> 0.2, >= 0.2.0)

PLATFORMS
  ruby

DEPENDENCIES
  dotenv-rails
  lita
  lita-ascii-art!
  lita-google-images!
  lita-karma
  lita-slack
  lita-slack-handler
  lita-what-does-the-fox-say!
  lita-wikipedia
  lita-xkcd
  lita-yelpme
  pry
