GIT
  remote: https://github.com/tielur/lita-slack.git
  revision: c454929df826ec4ff4cf47859df2f8236fcf4731
  specs:
    lita-slack (0.1.1)
      lita (>= 2.7)
      lita-slack-handler (>= 0.2.1)

GEM
  remote: https://rubygems.org/
  specs:
    faraday (0.9.0)
      multipart-post (>= 1.2, < 3)
    http_router (0.11.1)
      rack (>= 1.0.0)
      url_mount (~> 0.2.1)
    i18n (0.6.11)
    ice_nine (0.11.0)
    lita (3.3.1)
      bundler (>= 1.3)
      faraday (>= 0.8.7)
      http_router (>= 0.11.1)
      i18n (>= 0.6.9)
      ice_nine (>= 0.11.0)
      multi_json (>= 1.7.7)
      puma (>= 2.7.1)
      rack (>= 1.5.2)
      rb-readline (>= 0.5.1)
      redis-namespace (>= 1.3.0)
      thor (>= 0.18.1)
    lita-karma (2.1.0)
      lita (>= 2.6)
    lita-slack-handler (0.2.1)
      lita (~> 3.0)
    lita-wikipedia (0.0.3)
      lita (>= 3.1)
    multi_json (1.10.1)
    multipart-post (2.0.0)
    puma (2.9.0)
      rack (>= 1.1, < 2.0)
    rack (1.5.2)
    rb-readline (0.5.1)
    redis (3.1.0)
    redis-namespace (1.5.1)
      redis (~> 3.0, >= 3.0.4)
    thor (0.19.1)
    url_mount (0.2.1)
      rack

PLATFORMS
  ruby

DEPENDENCIES
  lita
  lita-karma
  lita-slack!
  lita-slack-handler
  lita-wikipedia
