GIT
  remote: git://github.com/tielur/lita-ascii-art.git
  revision: f91ad85255cafa10c5fd2c8e0f6c940fa1b50346
  specs:
    lita-ascii-art (0.0.2)
      artii (>= 2.0.4)
      lita (>= 3.0.0)

GIT
  remote: git://github.com/tielur/lita-what-does-the-fox-say.git
  revision: 9af9db11a1c40bac268650dda3a6ccbd6e106b99
  specs:
    lita-what-does-the-fox-say (0.0.3)
      lita (>= 3.3)

GEM
  remote: https://rubygems.org/
  specs:
    artii (2.1.1)
    coderay (1.1.0)
    dotenv (1.0.2)
    eventmachine (1.0.6)
    faraday (0.9.1)
      multipart-post (>= 1.2, < 3)
    faye-websocket (0.9.2)
      eventmachine (>= 0.12.0)
      websocket-driver (>= 0.5.1)
    http_router (0.11.1)
      rack (>= 1.0.0)
      url_mount (~> 0.2.1)
    i18n (0.7.0)
    ice_nine (0.11.1)
    lita (4.2.0)
      bundler (>= 1.3)
      faraday (>= 0.8.7)
      http_router (>= 0.11.1)
      i18n (>= 0.6.9)
      ice_nine (>= 0.11.0)
      multi_json (>= 1.7.7)
      puma (>= 2.7.1)
      rack (>= 1.5.2)
      rb-readline (>= 0.5.1)
      redis-namespace (>= 1.3.0)
      thor (>= 0.18.1)
    lita-baby_elephant (0.0.5)
      lita (>= 3.3)
      read_it (= 0.0.2)
    lita-google-images (2.0.0)
      lita (>= 4.0)
    lita-karma (3.0.0)
      lita (>= 4.0)
    lita-memegen (1.0.4)
      lita (>= 2.0)
    lita-slack (1.1.0)
      eventmachine
      faraday
      faye-websocket (>= 0.8.0)
      lita (>= 4.0.4)
      multi_json
    lita-wikipedia (0.0.3)
      lita (>= 3.1)
    lita-xkcd (0.0.5)
      lita (>= 2.2)
    method_source (0.8.2)
    multi_json (1.10.1)
    multipart-post (2.0.0)
    pry (0.10.1)
      coderay (~> 1.1.0)
      method_source (~> 0.8.1)
      slop (~> 3.4)
    puma (2.11.0)
      rack (>= 1.1, < 2.0)
    rack (1.6.0)
    rb-readline (0.5.2)
    read_it (0.0.2)
      faraday (>= 0.8.7)
    redis (3.2.0)
    redis-namespace (1.5.1)
      redis (~> 3.0, >= 3.0.4)
    slop (3.6.0)
    thor (0.19.1)
    url_mount (0.2.1)
      rack
    websocket-driver (0.5.1)
      websocket-extensions (>= 0.1.0)
    websocket-extensions (0.1.1)

PLATFORMS
  ruby

DEPENDENCIES
  dotenv
  lita
  lita-ascii-art!
  lita-baby_elephant
  lita-google-images
  lita-karma
  lita-memegen
  lita-slack
  lita-what-does-the-fox-say!
  lita-wikipedia
  lita-xkcd
  pry
